GEM
  remote: http://rubygems.org/
  specs:
    ast (1.1.0)
    bundle (0.0.1)
      bundler
    json (1.8.1)
    parser (2.1.7)
      ast (~> 1.1)
      slop (~> 3.4, >= 3.4.5)
    powerpack (0.0.9)
    rainbow (2.0.0)
    rubocop (0.18.1)
      json (>= 1.7.7, < 2)
      parser (~> 2.1.3)
      powerpack (~> 0.0.6)
      rainbow (>= 1.99.1, < 3.0)
    slop (3.4.7)

PLATFORMS
  ruby

DEPENDENCIES
  bundle
  rubocop
